PATH
  remote: .
  specs:
    unit (0.0.1.pre.alpha.0)
      connection_pool

GEM
  remote: https://rubygems.org/
  specs:
    ast (2.4.2)
    connection_pool (2.4.1)
    json (2.7.2)
    language_server-protocol (3.17.0.3)
    minitest (5.25.4)
    minitest-focus (1.4.0)
      minitest (>= 4, < 6)
    minitest-hooks (1.5.2)
      minitest (> 5.3)
    parallel (1.26.3)
    parser (3.3.5.0)
      ast (~> 2.4.1)
      racc
    racc (1.8.1)
    rainbow (3.1.1)
    rake (13.1.0)
    regexp_parser (2.9.2)
    rubocop (1.66.1)
      json (~> 2.3)
      language_server-protocol (>= 3.17.0)
      parallel (~> 1.10)
      parser (>= 3.3.0.2)
      rainbow (>= 2.2.2, < 4.0)
      regexp_parser (>= 2.4, < 3.0)
      rubocop-ast (>= 1.32.2, < 2.0)
      ruby-progressbar (~> 1.7)
      unicode-display_width (>= 2.4.0, < 3.0)
    rubocop-ast (1.32.2)
      parser (>= 3.3.1.0)
    ruby-progressbar (1.13.0)
    unicode-display_width (2.5.0)
    yard (0.9.37)

PLATFORMS
  x86_64-linux

DEPENDENCIES
  minitest
  minitest-focus
  minitest-hooks
  rake
  rubocop
  unit!
  yard

BUNDLED WITH
   2.4.10
